GEM
  remote: https://rubygems.org/
  specs:
    rack (1.5.2)
    rack-www (1.5.0)
      rack

PLATFORMS
  ruby

DEPENDENCIES
  rack
  rack-www
